GEM
  remote: https://rubygems.org/
  specs:
    addressable (2.3.6)
    awesome_print (1.2.0)
    capybara (2.3.0)
      mime-types (>= 1.16)
      nokogiri (>= 1.3.3)
      rack (>= 1.0.0)
      rack-test (>= 0.5.4)
      xpath (~> 2.0)
    capybara-screenshot (0.3.19)
      capybara (>= 1.0, < 3)
      launchy
    launchy (2.4.2)
      addressable (~> 2.3)
    mime-types (2.3)
    mini_portile (0.6.0)
    nokogiri (1.6.2.1)
      mini_portile (= 0.6.0)
    rack (1.5.2)
    rack-test (0.6.2)
      rack (>= 1.0)
    xpath (2.0.0)
      nokogiri (~> 1.3)

PLATFORMS
  ruby

DEPENDENCIES
  awesome_print
  capybara
  capybara-screenshot
  nokogiri
